GEM
  remote: https://rubygems.org/
  specs:
    ansi (1.5.0)
    builder (3.3.0)
    cgi (0.4.2)
    cli-kit (5.1.0)
      cli-ui (~> 2.4)
    cli-ui (2.4.0)
    date (3.4.1)
    debug (1.11.0)
      irb (~> 1.10)
      reline (>= 0.3.8)
    erb (4.0.4)
      cgi (>= 0.3.3)
    fileutils (1.7.3)
    io-console (0.8.1)
    irb (1.14.3)
      rdoc (>= 4.0.0)
      reline (>= 0.4.2)
    json (2.15.0)
    metaclass (0.0.4)
    minitest (5.25.5)
    minitest-reporters (1.7.1)
      ansi
      builder
      minitest (>= 5.0)
      ruby-progressbar
    mocha (1.5.0)
      metaclass (~> 0.0.1)
    net-http (0.6.0)
      uri
    psych (5.2.2)
      date
      stringio
    rdoc (6.14.0)
      erb
      psych (>= 4.0.0)
    reline (0.6.0)
      io-console (~> 0.5)
    ruby-progressbar (1.13.0)
    rubyzip (3.1.1)
    stringio (3.1.2)
    uri (1.0.3)
    yaml (0.4.0)

PLATFORMS
  ruby
  x86_64-linux

DEPENDENCIES
  cli-kit
  cli-ui
  debug (>= 1.0.0)
  fileutils
  json
  minitest (>= 5.0.0)
  minitest-reporters
  mocha (~> 1.5.0)
  net-http
  rubyzip
  yaml

BUNDLED WITH
   2.6.9
